##TITLE=Parameter List, ParaVision 6.0.1
##JCAMPDX=4.24
##DATATYPE=Parameter Values
##ORIGIN=Bruker BioSpin MRI GmbH
##OWNER=PagelLab
$$ 2022-03-16 12:54:41.857 -0500  PagelLab@CZC4170WSK
$$ /opt/PV6.0.1/data/PagelLab/chin_1_88_20220316_115135/5/pdata/1/visu_pars
$$ process /opt/PV6.0.1/prog/bin/parxserver
##$VisuVersion=3
##$VisuUid=( 65 )
<2.16.756.5.5.100.8323328.23870.1647453281.1>
##$VisuCreator=( 65 )
<ParaVision>
##$VisuCreatorVersion=( 65 )
<6.0.1>
##$VisuCreationDate=<2022-03-16T12:54:41,856-0500>
##$VisuInstanceModality=( 65 )
<MR>
$$ @vis= VisuVersion VisuUid VisuCreator VisuCreatorVersion VisuCreationDate
##$VisuCoreFrameCount=264
##$VisuCoreDim=2
##$VisuCoreSize=( 2 )
64 64
$$ @vis= VisuInstanceModality VisuInstance VisuCoreFrameCount VisuCoreDim
##$VisuCoreDimDesc=( 2 )
spatial spatial
##$VisuCoreExtent=( 2 )
38.4 38.4
##$VisuCoreFrameThickness=( 1 )
2
##$VisuCoreUnits=( 2, 65 )
<mm> <mm>
$$ @vis= VisuCoreSize VisuCoreDimDesc VisuCoreExtent VisuCoreFrameThickness
##$VisuCoreOrientation=( 1, 9 )
1 0 0 0 1 0 0 0 1
##$VisuCorePosition=( 1, 3 )
-19.2 -19.2 1.92
##$VisuCoreDataMin=( 264 )
5.08552951568555 2.33269607191238 7.15688304852818 2.55808692861096 
2.82120190494641 4.57186337884162 8.96139775144015 6.60190295924918 
9.77958921662423 10.3881402875279 2.53411373480647 8.60190372529679 
6.47931850575808 5.9032310572265 1.98585986610237 5.84878248391537 
2.83418371933932 4.66395364091242 5.6068417758291 5.1628304195306 
6.19320186891383 4.14025814781566 3.26367505176819 8.10446574746246 
1.38042806344489 8.24554029446859 6.13842483213452 4.29094299272227 
6.37157190735019 11.2265947807197 2.72678291416417 3.10802778010286 
6.07016925229256 4.57342106491864 7.14277105589273 5.73308594790344 
4.63084524298367 1.2986539452834 3.50145985410265 2.01859455902736 
7.07245804252047 7.36648716013877 2.15488609381514 7.19120180487878 
1.75994750697018 1.2658878594898 9.46503891129595 4.12710318479054 
4.14720734772608 5.17067211166759 6.80196913620632 2.97247089663281 
1.82763070385913 9.33132110737688 9.91596898877048 3.34654571063546 
2.90536118853291 2.84876016874252 0.387802543999403 6.90699720626885 
3.63698825001416 4.16934363600882 5.91078046525606 3.70448249878696 
6.85933789376297 6.87806506435518 9.00102182418652 2.12463373659455 
3.0860728675708 6.26916276274185 2.52690528666393 3.98777477254987 
8.27424055428053 4.12446879091335 8.06893319048934 5.98751237268913 
1.60709921506398 5.61034079327673 4.98521171620056 3.45097913062699 
6.05780397700249 6.23346576104812 3.43673078563874 9.29895815708836 
8.20408397196504 0.977373513131871 4.4197573709133 4.59299934295348 
5.87470026610642 9.0407006044793 4.59518725437596 4.06100452837581 
9.39532780018815 8.76857845886416 10.919014014995 7.04072065948625 
7.39844726840693 6.26419269865314 3.15200316567453 6.50142823079348 
11.2111926457236 2.87808479017799 1.5292507840842 1.84647829538293 
3.04552713970892 4.55754757325184 7.47333658823313 10.6311650125247 
2.95927263383522 0.608583432011461 1.68982871960624 5.91456169442233 
3.89943935473131 4.2061581583812 15.4450448412784 1.43635772261697 
5.78219722376329 6.02869429069515 1.13060968866402 6.30752671190084 
9.27980801193057 5.82352986677308 2.84287684005505 2.17249385717935 
2.14491719163192 2.14426885156392 5.97335174392554 9.50698687913102 
7.66334500527717 1.97513480325134 8.71916281329804 8.94079477450357 
0.891371884400883 4.68462298898441 9.62000641181059 3.46373715110261 
3.53996904779094 5.60740692281753 2.06386814844066 6.75409187550168 
4.18830974664627 3.16611477041524 5.66689209172776 4.82753110759016 
2.58627211696777 7.05566272656796 4.09695588199599 8.35552164687427 
3.73979637180234 1.1077808559908 6.1394595822875 2.06495389762201 
3.58725783076455 1.85240951308821 4.01396417918977 8.56817788762424 
1.61645048279073 5.81613903014892 0.927852713325823 7.33599364690367 
6.29050779446085 6.51824963072591 2.66547745987681 8.18098674999864 
3.88493821824215 10.3250079414457 3.08385338551817 4.66028373429949 
5.55966062016571 9.46456801671024 1.25644582871796 5.46392362181273 
7.0269073957953 5.18187029640629 4.78874731798471 9.499781189146 
1.06294085553854 7.93518518607541 8.17635909253924 3.56144375090851 
6.01668738568597 7.61065646235793 3.84706950096001 3.63285580363376 
2.14347184693584 5.69282258174368 8.70606511931707 4.66162370770794 
4.51798077327568 1.25325274718856 8.63782358197884 5.85884299750963 
1.29834749252727 5.34610764818931 8.38672878344292 6.97066975414088 
2.62378580780019 2.32299742687507 6.46879361030552 4.7575916593794 
6.86882762258937 6.08549315088151 2.63245927475712 5.7081186783485 
2.66686044046277 1.38689279771474 4.1498929187897 9.26885915227563 
5.29186792158739 2.65929442494561 0.930746598218652 8.91698328804944 
4.15333411104184 7.22759567217523 8.95830165149887 4.57222851343649 
2.78277904774733 9.38811432125221 3.95299394724604 5.65824227281614 
6.90711601732672 9.58141158827254 2.50604776696636 2.74730190779529 
7.55081005631599 1.72703635641436 2.97024903330406 3.78831083186833 
8.05189525666137 7.29134457136774 2.45706773937036 4.49097650437768 
5.01643625188422 3.15743495834204 3.31193970536713 3.98529140438828 
4.45412139269886 1.4396056995451 2.00848165546035 2.60223038609798 
5.70968924877839 4.14321422731444 0.20175914197584 6.61503564114439 
0.725138455310501 5.51688851091838 16.0646209954545 5.80821947334756 
4.96751406210797 6.58975971945824 6.30997589536825 3.87074081596137 
3.95487566351464 8.72230347033702 5.73215381933918 8.66219280146648 
0.889642717038164 11.3347970478727 3.18262401486158 4.47560668874148 
9.68652086641526 8.14717145190001 3.7008705492583 3.26747333083834
##$VisuCoreDataMax=( 264 )
31890.4832072937 31921.9245598659 32766.5 20572.0914332525 19206.2093147724 
18740.5401796229 18527.6295066665 18010.3554506004 18689.633249212 
18428.1793800503 16216.7888860571 18366.4649853854 18652.2195545304 
18806.0783179482 18139.263171191 18272.8518088332 18402.2739005955 
18634.4614232415 18441.0608383011 19339.2451188695 19566.5410203634 
19493.9521876806 19321.5576126773 19889.5165053203 19552.1590056707 
18567.1002080023 18891.6982642173 18566.6670818348 18793.8793903076 
18405.3306042186 18362.4562187069 18036.7751239909 20313.0780630672 
19407.3493627251 18888.3157160473 19494.3729308072 18377.5330685854 
18646.0656140985 18814.5326040843 19604.4796034984 19240.0294374201 
21640.5598030821 19164.350100437 20105.7451673102 30958.3150589664 
30940.3590119366 29994.6164568311 19344.5609317387 19162.2167335668 
18987.3966711677 20503.877085689 18057.2686621325 17811.3301227153 
18215.2545025135 16917.7145804819 18275.4015990149 18290.0463961836 
18147.2594018139 18951.2041542524 18604.7382628984 18631.3277020877 
19081.5140062077 18638.6442986656 18567.5007918332 18427.1770242085 
19039.7270195115 18991.7113668897 18533.2381876851 18738.152706736 
19138.1991288876 19233.027250985 18882.1087566938 19075.893634609 
19323.5651711798 18831.4194635821 18786.5492213171 18186.6734416373 
18271.6905107529 19455.8373741695 19011.0165984464 18291.8628006197 
19294.7486197963 18988.9360848141 19352.8950666081 18771.8377349935 
18993.394856342 19596.2736491384 20961.9721463291 27930.0000405045 
29989.3448761428 29925.8281340928 19806.2008590031 20246.5031727917 
19497.5574904672 19983.6615897058 20479.0022237169 18005.3007177305 
17878.8815962745 15296.7157055878 17944.4360705697 17228.5402239118 
18471.4053319203 18985.937532763 18663.8889953742 19451.0765663272 
19332.0016392196 19222.416761473 18595.1631214345 18261.1825868631 
19141.5442337989 18547.8988192124 19583.6133476417 18364.0826316953 
18787.9627214961 18387.6532952178 18149.8254065124 18917.5090625224 
18873.6156042374 19015.1167565906 19004.0157391347 19149.5342566874 
18861.5247837266 18490.9305787264 19066.0671831359 18345.9290337193 
18633.8211048013 19124.3808046086 17882.9036428916 19909.4525017458 
19589.0041405774 18978.1725358715 19601.6099711237 28713.1145392281 
27130.2065928668 29021.9643373999 20293.0854731917 20229.5807741168 
19628.2980943319 22070.1440603844 19147.5237085641 18658.5643646793 
17794.7884562273 16412.3606565843 18042.0207453349 18476.3269968354 
18472.9093115056 18430.5965481232 18095.9943780061 18392.1421391019 
18872.9161312482 18043.1049267982 19136.3380041931 18655.8927554517 
18378.1012536581 18361.3131263795 18165.6666159691 18381.7117661688 
18687.4629569789 18266.0226208236 18510.5294300371 18467.9624068726 
18418.3742036433 18736.9252708763 18903.1718612952 18668.7473351826 
18969.047406558 18472.4047194409 18149.1882418989 18481.1882296447 
18515.3523204906 18564.7602214459 18665.4599634225 20069.487112594 
18797.131299638 18804.4576210368 19434.5837415075 28926.350747655 
28132.9411281207 29748.8072059928 20365.6224248525 20548.6703566171 
20083.9832541898 22725.6453295971 19221.4986754102 19195.5842348124 
18198.0154239115 16640.2914663118 18388.8612323238 18455.1809813615 
18780.4403095457 17938.488155745 18929.6564505485 18398.6616684373 
18044.0299180531 19127.6584822304 17802.482424515 18470.4223629093 
18553.7518765111 18432.0762135823 18594.6688904292 19165.7195178664 
18510.1597387643 18759.5975875163 18885.2437853649 18329.7258027839 
18311.5819479407 18936.4407165227 18129.3657297833 18939.043426381 
18269.251052957 19267.7053401927 18757.7661902952 18250.3914965582 
19686.13100817 19436.3647073523 18041.4575893805 18777.2878039794 
18672.7284386834 19009.6685857741 19430.5675480833 28642.7924235331 
29108.2409158964 29286.5183123452 20207.3232024321 20281.0478604281 
20223.4424361481 21981.9770516467 19294.6319843146 18429.6278396019 
17757.0014774204 15673.8047941445 17474.7328543243 18239.6856254093 
18140.5830580953 18491.9118397329 18775.3467499912 19074.8440905433 
18251.8556469247 18337.3625354882 18236.2045353325 19534.4374392712 
19272.9964584727 17763.0792178826 18851.40779462 17757.67546119 
18817.0147026533 18908.0915797255 18794.2243696068 19494.6923435793 
18545.3588898792 18443.7528311908 18775.9035932957 18651.572670472 
18100.7485780043 18565.7503202653 18640.9088484952 18100.6566862458 
18984.6609469234 18607.8260899419 18947.6723594465 18656.6427237242 
19132.475244038 19413.412808924 19585.8414634799
$$ @vis= VisuCoreUnits VisuCoreOrientation VisuCorePosition VisuCoreDataMin
##$VisuCoreDataOffs=( 264 )
0 0 0 0 0 0 0 0 0 0 0 0 0 0 0 0 0 0 0 0 0 0 0 0 0 0 0 0 0 0 0 0 0 0 0 0 0 0 0 
0 0 0 0 0 0 0 0 0 0 0 0 0 0 0 0 0 0 0 0 0 0 0 0 0 0 0 0 0 0 0 0 0 0 0 0 0 0 0 
0 0 0 0 0 0 0 0 0 0 0 0 0 0 0 0 0 0 0 0 0 0 0 0 0 0 0 0 0 0 0 0 0 0 0 0 0 0 0 
0 0 0 0 0 0 0 0 0 0 0 0 0 0 0 0 0 0 0 0 0 0 0 0 0 0 0 0 0 0 0 0 0 0 0 0 0 0 0 
0 0 0 0 0 0 0 0 0 0 0 0 0 0 0 0 0 0 0 0 0 0 0 0 0 0 0 0 0 0 0 0 0 0 0 0 0 0 0 
0 0 0 0 0 0 0 0 0 0 0 0 0 0 0 0 0 0 0 0 0 0 0 0 0 0 0 0 0 0 0 0 0 0 0 0 0 0 0 
0 0 0 0 0 0 0 0 0 0 0 0 0 0 0 0 0 0 0 0 0 0 0 0 0 0 0 0 0 0
##$VisuCoreDataSlope=( 264 )
0.00949504762276895 0.00949504762276895 0.00949504762276895 
0.00949504762276895 0.00949504762276895 0.00949504762276895 
0.00949504762276895 0.00949504762276895 0.00949504762276895 
0.00949504762276895 0.00949504762276895 0.00949504762276895 
0.00949504762276895 0.00949504762276895 0.00949504762276895 
0.00949504762276895 0.00949504762276895 0.00949504762276895 
0.00949504762276895 0.00949504762276895 0.00949504762276895 
0.00949504762276895 0.00949504762276895 0.00949504762276895 
0.00949504762276895 0.00949504762276895 0.00949504762276895 
0.00949504762276895 0.00949504762276895 0.00949504762276895 
0.00949504762276895 0.00949504762276895 0.00949504762276895 
0.00949504762276895 0.00949504762276895 0.00949504762276895 
0.00949504762276895 0.00949504762276895 0.00949504762276895 
0.00949504762276895 0.00949504762276895 0.00949504762276895 
0.00949504762276895 0.00949504762276895 0.00949504762276895 
0.00949504762276895 0.00949504762276895 0.00949504762276895 
0.00949504762276895 0.00949504762276895 0.00949504762276895 
0.00949504762276895 0.00949504762276895 0.00949504762276895 
0.00949504762276895 0.00949504762276895 0.00949504762276895 
0.00949504762276895 0.00949504762276895 0.00949504762276895 
0.00949504762276895 0.00949504762276895 0.00949504762276895 
0.00949504762276895 0.00949504762276895 0.00949504762276895 
0.00949504762276895 0.00949504762276895 0.00949504762276895 
0.00949504762276895 0.00949504762276895 0.00949504762276895 
0.00949504762276895 0.00949504762276895 0.00949504762276895 
0.00949504762276895 0.00949504762276895 0.00949504762276895 
0.00949504762276895 0.00949504762276895 0.00949504762276895 
0.00949504762276895 0.00949504762276895 0.00949504762276895 
0.00949504762276895 0.00949504762276895 0.00949504762276895 
0.00949504762276895 0.00949504762276895 0.00949504762276895 
0.00949504762276895 0.00949504762276895 0.00949504762276895 
0.00949504762276895 0.00949504762276895 0.00949504762276895 
0.00949504762276895 0.00949504762276895 0.00949504762276895 
0.00949504762276895 0.00949504762276895 0.00949504762276895 
0.00949504762276895 0.00949504762276895 0.00949504762276895 
0.00949504762276895 0.00949504762276895 0.00949504762276895 
0.00949504762276895 0.00949504762276895 0.00949504762276895 
0.00949504762276895 0.00949504762276895 0.00949504762276895 
0.00949504762276895 0.00949504762276895 0.00949504762276895 
0.00949504762276895 0.00949504762276895 0.00949504762276895 
0.00949504762276895 0.00949504762276895 0.00949504762276895 
0.00949504762276895 0.00949504762276895 0.00949504762276895 
0.00949504762276895 0.00949504762276895 0.00949504762276895 
0.00949504762276895 0.00949504762276895 0.00949504762276895 
0.00949504762276895 0.00949504762276895 0.00949504762276895 
0.00949504762276895 0.00949504762276895 0.00949504762276895 
0.00949504762276895 0.00949504762276895 0.00949504762276895 
0.00949504762276895 0.00949504762276895 0.00949504762276895 
0.00949504762276895 0.00949504762276895 0.00949504762276895 
0.00949504762276895 0.00949504762276895 0.00949504762276895 
0.00949504762276895 0.00949504762276895 0.00949504762276895 
0.00949504762276895 0.00949504762276895 0.00949504762276895 
0.00949504762276895 0.00949504762276895 0.00949504762276895 
0.00949504762276895 0.00949504762276895 0.00949504762276895 
0.00949504762276895 0.00949504762276895 0.00949504762276895 
0.00949504762276895 0.00949504762276895 0.00949504762276895 
0.00949504762276895 0.00949504762276895 0.00949504762276895 
0.00949504762276895 0.00949504762276895 0.00949504762276895 
0.00949504762276895 0.00949504762276895 0.00949504762276895 
0.00949504762276895 0.00949504762276895 0.00949504762276895 
0.00949504762276895 0.00949504762276895 0.00949504762276895 
0.00949504762276895 0.00949504762276895 0.00949504762276895 
0.00949504762276895 0.00949504762276895 0.00949504762276895 
0.00949504762276895 0.00949504762276895 0.00949504762276895 
0.00949504762276895 0.00949504762276895 0.00949504762276895 
0.00949504762276895 0.00949504762276895 0.00949504762276895 
0.00949504762276895 0.00949504762276895 0.00949504762276895 
0.00949504762276895 0.00949504762276895 0.00949504762276895 
0.00949504762276895 0.00949504762276895 0.00949504762276895 
0.00949504762276895 0.00949504762276895 0.00949504762276895 
0.00949504762276895 0.00949504762276895 0.00949504762276895 
0.00949504762276895 0.00949504762276895 0.00949504762276895 
0.00949504762276895 0.00949504762276895 0.00949504762276895 
0.00949504762276895 0.00949504762276895 0.00949504762276895 
0.00949504762276895 0.00949504762276895 0.00949504762276895 
0.00949504762276895 0.00949504762276895 0.00949504762276895 
0.00949504762276895 0.00949504762276895 0.00949504762276895 
0.00949504762276895 0.00949504762276895 0.00949504762276895 
0.00949504762276895 0.00949504762276895 0.00949504762276895 
0.00949504762276895 0.00949504762276895 0.00949504762276895 
0.00949504762276895 0.00949504762276895 0.00949504762276895 
0.00949504762276895 0.00949504762276895 0.00949504762276895 
0.00949504762276895 0.00949504762276895 0.00949504762276895 
0.00949504762276895 0.00949504762276895 0.00949504762276895 
0.00949504762276895 0.00949504762276895 0.00949504762276895 
0.00949504762276895 0.00949504762276895 0.00949504762276895 
0.00949504762276895 0.00949504762276895 0.00949504762276895 
0.00949504762276895 0.00949504762276895 0.00949504762276895
##$VisuCoreFrameType=( 1 )
MAGNITUDE_IMAGE
$$ @vis= VisuCoreDataMax VisuCoreDataOffs VisuCoreDataSlope VisuCoreFrameType
##$VisuCoreWordType=_16BIT_SGN_INT
##$VisuCoreByteOrder=littleEndian
##$VisuFGOrderDescDim=1
$$ @vis= VisuCore VisuCoreWordType VisuCoreByteOrder VisuPixel
##$VisuFGOrderDesc=( 1 )
(264, <FG_CYCLE>, <>, 0, 0)
##$VisuGroupDepVals=( 1 )
(<>, 0)
$$ @vis= VisuFGOrderDescDim VisuFGOrderDesc VisuGroupDepVals
##$VisuSubjectName=( 65 )
<Renee Chin>
##$VisuSubjectId=( 65 )
<chin>
##$VisuSubjectUid=( 65 )
<2.16.756.5.5.100.8323328.19798.1629746466.3>
##$VisuSubjectInstanceCreationDate=(1629746466, 652, -300)
$$ @vis= VisuFrameOrderDesc VisuSubjectName VisuSubjectId VisuSubjectUid
##$VisuSubjectBirthDate=( 9 )
<20210823>
##$VisuSubjectSex=UNKNOWN
##$VisuSubjectType=OtherAnimal
$$ @vis= VisuSubjectInstanceCreationDate VisuSubjectBirthDate VisuSubjectSex
##$VisuStudyUid=( 65 )
<2.16.756.5.5.100.8323328.1110.1647449495.545>
##$VisuStudyDate=<2022-03-16T11:51:35,534-0500>
##$VisuStudyId=( 65 )
<20220316_B16F10Eso_M1>
##$VisuStudyNumber=88
$$ @vis= VisuSubjectType VisuSubject VisuStudyUid VisuStudyDate VisuStudyId
##$VisuSubjectWeight=0.001
##$VisuStudyReferringPhysician=( 65 )
<PagelLab>
##$VisuStudyDescription=( 2048 )
<\
>
$$ @vis= VisuStudyNumber VisuSubjectWeight VisuStudyReferringPhysician
##$VisuExperimentNumber=5
##$VisuProcessingNumber=1
$$ @vis= VisuStudyDescription VisuStudy VisuExperimentNumber
##$VisuSeriesDate=<2022-03-16T12:54:41,856-0500>
##$VisuSubjectPosition=Head_Prone
##$VisuSeriesTypeId=( 65 )
<ACQ_USER_PVM>
$$ @vis= VisuProcessingNumber VisuSeriesDate VisuSubjectPosition
##$VisuSeriesComment=( 65 )
<cestFISP_POST_INJ>
$$ @vis= VisuSeriesTypeId VisuSeriesComment VisuSeries VisuCoilReceive
##$VisuManufacturer=( 65 )
<Bruker BioSpin MRI GmbH>
##$VisuAcqSoftwareVersion=( 65 )
<6.0.1>
$$ @vis= VisuCoilTransmit VisuContrastAgent VisuManufacturer
##$VisuInstitution=( 65 )
<MD Anderson>
##$VisuStation=( 65 )
<spect>
##$VisuSystemOrderNumber=( 65 )
<10102460>
$$ @vis= VisuAcqSoftwareVersion VisuInstitution VisuStation
##$VisuAcqDate=<2022-03-16T12:27:20,106-0500>
##$VisuAcqEchoTrainLength=64
$$ @vis= VisuSystemOrderNumber VisuEquipment VisuAcqDate
##$VisuAcqSequenceName=( 40 )
<User:cestFISP_Pagel5>
##$VisuAcqNumberOfAverages=1
##$VisuAcqImagingFrequency=300.319057478109
$$ @vis= VisuAcqEchoTrainLength VisuAcqSequenceName VisuAcqNumberOfAverages
##$VisuAcqImagedNucleus=( 8 )
<1H>
##$VisuAcqRepetitionTime=( 1 )
2.67
##$VisuAcqPhaseEncSteps=64
$$ @vis= VisuAcqImagingFrequency VisuAcqImagedNucleus VisuAcqRepetitionTime
##$VisuAcqPixelBandwidth=1562.5
##$VisuAcqFlipAngle=15
##$VisuAcqSize=( 2 )
64 64
$$ @vis= VisuAcqPhaseEncSteps VisuAcqPixelBandwidth VisuAcqFlipAngle
##$VisuAcqImageSizeAccellerated=No
##$VisuAcqGradEncoding=( 2 )
read_enc phase_enc
##$VisuAcqEchoTime=( 1 )
1.335
$$ @vis= VisuAcqSize VisuAcqImageSizeAccellerated VisuAcqGradEncoding
##$VisuAcquisitionProtocol=( 65 )
<cestFISP_Pagel5>
##$VisuAcqScanTime=51734.76
##$VisuAcqAntiAlias=( 2 )
1 1
$$ @vis= VisuAcqEchoTime VisuAcquisitionProtocol VisuAcqScanTime
##$VisuAcqEchoSequenceType=Both
##$VisuAcqSpinsVelocityEncoded=No
##$VisuAcqHasTimeOfFlightContrast=No
$$ @vis= VisuAcqAntiAlias VisuAcqEchoSequenceType VisuAcqSpinsVelocityEncoded
##$VisuAcqIsEpiSequence=No
##$VisuAcqSpectralSuppression=NoSuppression
$$ @vis= VisuAcqHasTimeOfFlightContrast VisuAcqIsEpiSequence
##$VisuAcqKSpaceTraversal=RectilinearTraversal
##$VisuAcqEncodingOrder=( 2 )
LinearEncoding CentricEncoding
$$ @vis= VisuAcqSpectralSuppression VisuAcqKSpaceTraversal
##$VisuAcqKSpaceTrajectoryCnt=1
##$VisuAcqKSpaceFiltering=( 2 )
NO_WDW NO_WDW
$$ @vis= VisuAcqEncodingOrder VisuAcqKSpaceTrajectoryCnt
##$VisuAcqFlowCompensation=FlowNone
##$VisuAcqSpoiling=GradientSpoiled
##$VisuAcqPartialFourier=( 2 )
1 1
$$ @vis= VisuAcqKSpaceFiltering VisuAcqFlowCompensation VisuAcqSpoiling
##$VisuAcqParallelReductionFactor=( 2 )
1 1
##$VisuAcqMagnetizationTransfer=Yes
$$ @vis= VisuAcqPartialFourier VisuAcqParallelReductionFactor
##$VisuAcqBloodSignalNulling=No
##$VisuCardiacSynchUsed=No
$$ @vis= VisuAcqMagnetizationTransfer VisuAcqBloodSignalNulling
##$VisuRespSynchUsed=No
$$ @vis= VisuCardiacSynchUsed VisuRespSynchUsed VisuAcquisition VisuMpi
$$ @vis= VisuDepricated Visu
##END=
$$ File finished by PARX at 2022-03-16 12:54:41.858 -0500
