##TITLE=Parameter List, ParaVision 6.0.1
##JCAMPDX=4.24
##DATATYPE=Parameter Values
##ORIGIN=Bruker BioSpin MRI GmbH
##OWNER=PagelLab
$$ 2022-03-16 12:20:54.184 -0500  PagelLab@CZC4170WSK
$$ /opt/PV6.0.1/data/PagelLab/chin_1_88_20220316_115135/4/pdata/1/reco
$$ process /opt/PV6.0.1/prog/bin/parxserver
##$RECO_mode=USER_MODE
##$RecoAutoDerive=No
##$RecoDim=2
##$RecoObjectsPerRepetition=1
##$RecoObjectsPerSetupStep=64
$$ @vis= RECO_mode RecoAutoDerive RecoDim RecoObjectsPerRepetition
##$RecoNumRepetitions=176
##$RECO_inp_order=NO_REORDERING
##$RECO_inp_size=( 2 )
64 64
$$ @vis= RecoObjectsPerSetupStep RecoNumRepetitions RECO_inp_order
##$RECO_ft_size=( 2 )
64 64
##$RECO_fov=( 2 )
3.84 3.84
##$RECO_size=( 2 )
64 64
##$RECO_offset=( 2, 1 )
0 0
##$RECO_regrid_mode=NO_REGRID
##$RECO_regrid_offset=0
##$RECO_ramp_gap=0
##$RECO_ramp_time=0
##$RECO_ne_mode=NO_NAV_DATA
##$RECO_ne_dist=NeNoInterleave
##$RECO_ne_dens=NeCorrPerScan
##$RECO_ne_type=NAV_PHASE
##$RECO_bc_mode=( 2 )
NO_BC NO_BC
##$RECO_bc_start=( 2 )
48 48
##$RECO_bc_len=( 2 )
16 16
##$RECO_dc_offset=( 2 )
0 0
##$RECO_dc_divisor=1
##$RECO_bc_coroff=( 2 )
0 0
##$RECO_qopts=( 2 )
COMPLEX_CONJUGATE NO_QOPTS
##$RECO_wdw_mode=( 2 )
NO_WDW NO_WDW
$$ @vis= RECO_inp_size RECO_ft_size RECO_fov RECO_size RECO_ne_mode
##$RECO_lb=( 2 )
-0.5 -0.5
##$RECO_sw=( 2 )
100000 1
##$RECO_gb=( 2 )
0.5 0.5
##$RECO_sbs=( 2 )
1 1
##$RECO_tm1=( 2 )
0.25 0.25
##$RECO_tm2=( 2 )
0.75 0.75
##$RECO_ft_mode=( 2 )
COMPLEX_FT COMPLEX_FT
##$RECO_pc_mode=( 2 )
FIRST_ORDER_PC FIRST_ORDER_PC
##$RECO_pc_lin=( 2 )
(0, 180) (0, 180)
##$RECO_rotate=( 2, 1 )
0.5 0.5
##$RECO_ppc_mode=NO_PPC
##$RECO_ref_image=0
##$RECO_nr_supports=0.4
##$RECO_sig_threshold=0.15
##$RECO_ppc_degree=1
##$RECO_ppc_coeffs=( 1, 2, 2 )
0 0 0 0
##$RECO_dc_elim=Yes
##$RECO_transposition=( 1 )
0
$$ @vis= RECO_wdw_mode RECO_ft_mode RECO_pc_mode RECO_pc_lin RECO_rotate
##$RECO_image_type=MAGNITUDE_IMAGE
##$RECO_image_threshold=0.15
##$RECO_ir_scale=10
##$RECO_wordtype=_16BIT_SGN_INT
##$RECO_map_mode=ABSOLUTE_MAPPING
##$RECO_map_range=( 2 )
-2147483647 2147483647
##$RECO_map_percentile=( 2 )
1 99.9
##$RECO_map_error=0.025
##$RECO_globex=( 176 )
0 0 0 0 0 0 0 0 0 0 0 0 0 0 0 0 0 0 0 0 0 0 0 0 0 0 0 0 0 0 0 0 0 0 0 0 0 0 0 
0 0 0 0 0 0 0 0 0 0 0 0 0 0 0 0 0 0 0 0 0 0 0 0 0 0 0 0 0 0 0 0 0 0 0 0 0 0 0 
0 0 0 0 0 0 0 0 0 0 0 0 0 0 0 0 0 0 0 0 0 0 0 0 0 0 0 0 0 0 0 0 0 0 0 0 0 0 0 
0 0 0 0 0 0 0 0 0 0 0 0 0 0 0 0 0 0 0 0 0 0 0 0 0 0 0 0 0 0 0 0 0 0 0 0 0 0 0 
0 0 0 0 0 0 0 0 0 0 0 0 0 0 0 0 0 0 0 0
##$RECO_minima=( 176 )
2.08897416639149 1.07323726228845 9.7279656003855 2.52529048395152 
4.54473760705694 7.36576480480361 2.14348238192104 1.75913834653472 
5.03919724683151 1.68966826556518 8.17065097066974 1.79132750294478 
2.58999612165676 7.30982580274171 1.03031085436623 5.81923444086883 
5.05644670094731 5.11824723818376 1.98460960471188 6.47073304030897 
7.15238293547369 7.57482407695515 5.92062181174764 10.2047336143472 
3.31452066198951 1.11885888149303 12.6722493614753 3.92890946089543 
7.0421878652744 3.28694707925598 6.63601093747947 2.80701781485906 
6.44454981411171 0.219241775203377 7.23568144433616 6.14409232609225 
3.65179382057473 4.33698000648739 5.18802540554656 2.41548623592262 
2.79827795745909 5.0849886793825 3.62515263229767 2.8731828587226 
9.89976305086809 12.0843688644475 4.00361460010334 3.67194010428743 
6.4928976774383 2.78199121892626 3.54674095952776 5.94965584532672 
1.79690278438813 5.41801854302529 2.44865414613144 4.67322226667182 
1.96897636645751 2.08410995886386 3.14178951868657 7.35540922019405 
2.08219565247722 5.86357291676261 6.69630516607883 5.58076584435867 
6.63516463316962 3.94380519142485 2.91852861033527 1.82315048770892 
0.138338140197385 5.40070125090312 3.32544213376458 7.39195517469347 
7.87007660791924 2.63054030067706 6.88887768816293 8.3148906100866 
4.52422600817217 9.5454321054394 2.38907143759714 2.4377882362345 
1.74309927348514 12.4775661146927 2.68827999807701 4.82528944582705 
6.99412415238941 8.60461698835677 1.34788132599964 8.30423562658943 
6.39011981063163 0.676253114338264 5.09547391895738 3.33730351208576 
5.93036198872261 6.21520190055865 0.623920617850921 3.79883997536909 
3.28761484387253 7.62879269899381 4.08143771652466 3.82276329360786 
2.61484098684333 3.8628972426951 1.17534707536691 9.29083545436042 
6.22447891401123 5.24047218332676 2.22576546331677 4.58675287079065 
6.91206945474262 3.08166338762256 10.3643929324826 8.73434049849472 
8.71122845148257 2.71359440638424 4.11659932437906 6.48219148361609 
2.17135457192736 6.01970718770633 6.07805961171836 7.38518509494146 
6.3335678508575 4.49060435986995 9.00372940974139 2.83321349012424 
4.79355587020394 5.46186845499036 6.36667088368082 3.92580284393893 
2.02507829555657 10.7370115048964 3.32555720927702 0.383514923548593 
7.26307123010125 10.2526465731151 2.93697704533821 7.07282220618455 
7.72946899870374 8.3085310084279 4.62162489629906 9.24208225310827 
5.27778059637154 3.5916728812607 2.75887779713705 6.40255025121547 
7.1834917766536 5.14342903896807 1.50775358640551 3.90624840716792 
6.4303050888559 7.85741982127231 4.85379702261541 7.94241659333991 
7.3436774337343 7.50304650365287 2.80245196205596 12.7802513698554 
2.426677776926 8.69387911968935 1.15828724208421 0.416216253673304 
5.24632647907946 1.75930906495534 1.93431294614825 6.8214330978937 
2.95705262376807 3.65291641076848 8.23523400799218 2.47864088777947 
9.89984706713014 8.73373199506955 4.15119881196642 7.35237568907025 
7.03056308700705 9.88329891323957 3.87481007040844 2.9703318751717
##$RECO_maxima=( 176 )
31518.0391934507 30447.9415089521 30649.279508906 19730.9553112199 
19081.213404894 20178.8468057918 19932.1889461574 19892.2390985386 
18363.7028023696 18594.9790731065 16824.7483486878 19108.9584965548 
19426.2005795845 18952.0206160187 18860.8960335121 19160.7468042388 
18763.1185910765 19217.1852142894 21180.654328749 19167.3465648309 
19246.4424957982 20044.4782184562 19616.3645461416 19712.0442761463 
19491.6841444129 19918.0538899895 19089.0731899205 19124.5869605424 
18744.3800219578 18814.2245170143 18925.0207312587 19282.1183797017 
18930.9118840962 19004.7470687275 19472.7242322253 18769.9290876278 
19547.341940936 19868.2614702578 18106.6915351938 20183.219584916 
19953.6164370081 19380.4697935622 19547.9793226341 19841.9109192566 
30677.5642606156 31444.8637661014 31056.9951114188 19897.4127442537 
19626.2103426492 19665.3579009771 18310.085772219 18751.1624210764 
18381.337692557 18794.6567610757 17150.5197315578 18577.2663979738 
18767.8708844849 18596.373404304 19195.842097381 18892.2293587686 
19101.5658115989 19768.6505109299 18794.0944554408 18918.7503596441 
19223.345220234 18488.2761488492 19939.7385838216 19408.0510425783 
18833.0839378828 19623.9841588447 20066.9186709199 19324.3759897543 
19921.6597398641 19589.9859425869 19632.2136418629 19617.3166706644 
18920.3324697297 18712.1735699394 18998.1318304163 18558.9798674907 
19741.9690127309 19149.1505217029 19631.8071403575 20013.0502391836 
19589.3109965075 19448.7734320465 20072.2581505772 20378.3334905146 
31716.5967652269 30911.2652969905 31343.8635648727 19798.8492486893 
19167.0964909654 18784.3604319142 18915.4726330317 18890.7314654877 
19928.316449525 19131.8918225423 17005.9283408966 18731.8983420463 
18499.8571669181 18502.7890032028 19571.517087727 19542.017425467 
19591.707574764 19700.3004731967 20501.4485082753 18981.6380135988 
19705.204305224 18765.1241247008 19247.1853997105 19700.2236536933 
19754.6478659516 19834.2386208363 19119.6995137963 19168.0509466973 
19752.8708526006 19204.9749970647 19740.6981384221 20220.4364202874 
18681.3620373498 18757.0447293386 18639.823868653 18721.709128217 
19588.0679981059 18525.3727097822 18993.7449452241 18495.7073502323 
19677.1310101528 19950.1134999177 20184.5805855465 18865.4861053372 
30905.9015671347 32766.5 31192.4482882888 18612.3828419133 20264.0796621581 
19293.5417888844 19445.1069421513 19791.2277172842 18656.9620519496 
19084.4585249971 16950.5845783259 18650.7987540161 19558.4605337185 
18369.8020609065 18698.8266542449 18903.3021877893 19392.5863141579 
18747.8278329002 19240.1246076748 20094.391046797 19139.2283696043 
19491.918568591 20722.2016480634 20243.7985628533 19466.2313552292 
18987.2998169926 18893.5684804309 19712.4180380559 19557.5271505645 
18184.3858138287 18978.4866192968 18642.5968904776 19508.9802901134 
20185.7216856195 18913.1376817369 19615.2040431588 20355.0728484833 
19096.4073328449 19460.8009260007 19084.7542010328 19232.0906510361 
19280.7649608239 20027.3035299593 19462.468646188
##$RECO_map_min=( 176 )
-302.444502915686 -302.444502915686 -302.444502915686 -302.444502915686 
-302.444502915686 -302.444502915686 -302.444502915686 -302.444502915686 
-302.444502915686 -302.444502915686 -302.444502915686 -302.444502915686 
-302.444502915686 -302.444502915686 -302.444502915686 -302.444502915686 
-302.444502915686 -302.444502915686 -302.444502915686 -302.444502915686 
-302.444502915686 -302.444502915686 -302.444502915686 -302.444502915686 
-302.444502915686 -302.444502915686 -302.444502915686 -302.444502915686 
-302.444502915686 -302.444502915686 -302.444502915686 -302.444502915686 
-302.444502915686 -302.444502915686 -302.444502915686 -302.444502915686 
-302.444502915686 -302.444502915686 -302.444502915686 -302.444502915686 
-302.444502915686 -302.444502915686 -302.444502915686 -302.444502915686 
-302.444502915686 -302.444502915686 -302.444502915686 -302.444502915686 
-302.444502915686 -302.444502915686 -302.444502915686 -302.444502915686 
-302.444502915686 -302.444502915686 -302.444502915686 -302.444502915686 
-302.444502915686 -302.444502915686 -302.444502915686 -302.444502915686 
-302.444502915686 -302.444502915686 -302.444502915686 -302.444502915686 
-302.444502915686 -302.444502915686 -302.444502915686 -302.444502915686 
-302.444502915686 -302.444502915686 -302.444502915686 -302.444502915686 
-302.444502915686 -302.444502915686 -302.444502915686 -302.444502915686 
-302.444502915686 -302.444502915686 -302.444502915686 -302.444502915686 
-302.444502915686 -302.444502915686 -302.444502915686 -302.444502915686 
-302.444502915686 -302.444502915686 -302.444502915686 -302.444502915686 
-302.444502915686 -302.444502915686 -302.444502915686 -302.444502915686 
-302.444502915686 -302.444502915686 -302.444502915686 -302.444502915686 
-302.444502915686 -302.444502915686 -302.444502915686 -302.444502915686 
-302.444502915686 -302.444502915686 -302.444502915686 -302.444502915686 
-302.444502915686 -302.444502915686 -302.444502915686 -302.444502915686 
-302.444502915686 -302.444502915686 -302.444502915686 -302.444502915686 
-302.444502915686 -302.444502915686 -302.444502915686 -302.444502915686 
-302.444502915686 -302.444502915686 -302.444502915686 -302.444502915686 
-302.444502915686 -302.444502915686 -302.444502915686 -302.444502915686 
-302.444502915686 -302.444502915686 -302.444502915686 -302.444502915686 
-302.444502915686 -302.444502915686 -302.444502915686 -302.444502915686 
-302.444502915686 -302.444502915686 -302.444502915686 -302.444502915686 
-302.444502915686 -302.444502915686 -302.444502915686 -302.444502915686 
-302.444502915686 -302.444502915686 -302.444502915686 -302.444502915686 
-302.444502915686 -302.444502915686 -302.444502915686 -302.444502915686 
-302.444502915686 -302.444502915686 -302.444502915686 -302.444502915686 
-302.444502915686 -302.444502915686 -302.444502915686 -302.444502915686 
-302.444502915686 -302.444502915686 -302.444502915686 -302.444502915686 
-302.444502915686 -302.444502915686 -302.444502915686 -302.444502915686 
-302.444502915686 -302.444502915686 -302.444502915686 -302.444502915686 
-302.444502915686 -302.444502915686 -302.444502915686 -302.444502915686 
-302.444502915686 -302.444502915686 -302.444502915686 -302.444502915686
##$RECO_map_max=( 176 )
302.444502915686 302.444502915686 302.444502915686 302.444502915686 
302.444502915686 302.444502915686 302.444502915686 302.444502915686 
302.444502915686 302.444502915686 302.444502915686 302.444502915686 
302.444502915686 302.444502915686 302.444502915686 302.444502915686 
302.444502915686 302.444502915686 302.444502915686 302.444502915686 
302.444502915686 302.444502915686 302.444502915686 302.444502915686 
302.444502915686 302.444502915686 302.444502915686 302.444502915686 
302.444502915686 302.444502915686 302.444502915686 302.444502915686 
302.444502915686 302.444502915686 302.444502915686 302.444502915686 
302.444502915686 302.444502915686 302.444502915686 302.444502915686 
302.444502915686 302.444502915686 302.444502915686 302.444502915686 
302.444502915686 302.444502915686 302.444502915686 302.444502915686 
302.444502915686 302.444502915686 302.444502915686 302.444502915686 
302.444502915686 302.444502915686 302.444502915686 302.444502915686 
302.444502915686 302.444502915686 302.444502915686 302.444502915686 
302.444502915686 302.444502915686 302.444502915686 302.444502915686 
302.444502915686 302.444502915686 302.444502915686 302.444502915686 
302.444502915686 302.444502915686 302.444502915686 302.444502915686 
302.444502915686 302.444502915686 302.444502915686 302.444502915686 
302.444502915686 302.444502915686 302.444502915686 302.444502915686 
302.444502915686 302.444502915686 302.444502915686 302.444502915686 
302.444502915686 302.444502915686 302.444502915686 302.444502915686 
302.444502915686 302.444502915686 302.444502915686 302.444502915686 
302.444502915686 302.444502915686 302.444502915686 302.444502915686 
302.444502915686 302.444502915686 302.444502915686 302.444502915686 
302.444502915686 302.444502915686 302.444502915686 302.444502915686 
302.444502915686 302.444502915686 302.444502915686 302.444502915686 
302.444502915686 302.444502915686 302.444502915686 302.444502915686 
302.444502915686 302.444502915686 302.444502915686 302.444502915686 
302.444502915686 302.444502915686 302.444502915686 302.444502915686 
302.444502915686 302.444502915686 302.444502915686 302.444502915686 
302.444502915686 302.444502915686 302.444502915686 302.444502915686 
302.444502915686 302.444502915686 302.444502915686 302.444502915686 
302.444502915686 302.444502915686 302.444502915686 302.444502915686 
302.444502915686 302.444502915686 302.444502915686 302.444502915686 
302.444502915686 302.444502915686 302.444502915686 302.444502915686 
302.444502915686 302.444502915686 302.444502915686 302.444502915686 
302.444502915686 302.444502915686 302.444502915686 302.444502915686 
302.444502915686 302.444502915686 302.444502915686 302.444502915686 
302.444502915686 302.444502915686 302.444502915686 302.444502915686 
302.444502915686 302.444502915686 302.444502915686 302.444502915686 
302.444502915686 302.444502915686 302.444502915686 302.444502915686 
302.444502915686 302.444502915686 302.444502915686 302.444502915686 
302.444502915686 302.444502915686 302.444502915686 302.444502915686
##$RECO_map_offset=( 176 )
0 0 0 0 0 0 0 0 0 0 0 0 0 0 0 0 0 0 0 0 0 0 0 0 0 0 0 0 0 0 0 0 0 0 0 0 0 0 0 
0 0 0 0 0 0 0 0 0 0 0 0 0 0 0 0 0 0 0 0 0 0 0 0 0 0 0 0 0 0 0 0 0 0 0 0 0 0 0 
0 0 0 0 0 0 0 0 0 0 0 0 0 0 0 0 0 0 0 0 0 0 0 0 0 0 0 0 0 0 0 0 0 0 0 0 0 0 0 
0 0 0 0 0 0 0 0 0 0 0 0 0 0 0 0 0 0 0 0 0 0 0 0 0 0 0 0 0 0 0 0 0 0 0 0 0 0 0 
0 0 0 0 0 0 0 0 0 0 0 0 0 0 0 0 0 0 0 0
##$RECO_map_slope=( 176 )
108.338884271719 108.338884271719 108.338884271719 108.338884271719 
108.338884271719 108.338884271719 108.338884271719 108.338884271719 
108.338884271719 108.338884271719 108.338884271719 108.338884271719 
108.338884271719 108.338884271719 108.338884271719 108.338884271719 
108.338884271719 108.338884271719 108.338884271719 108.338884271719 
108.338884271719 108.338884271719 108.338884271719 108.338884271719 
108.338884271719 108.338884271719 108.338884271719 108.338884271719 
108.338884271719 108.338884271719 108.338884271719 108.338884271719 
108.338884271719 108.338884271719 108.338884271719 108.338884271719 
108.338884271719 108.338884271719 108.338884271719 108.338884271719 
108.338884271719 108.338884271719 108.338884271719 108.338884271719 
108.338884271719 108.338884271719 108.338884271719 108.338884271719 
108.338884271719 108.338884271719 108.338884271719 108.338884271719 
108.338884271719 108.338884271719 108.338884271719 108.338884271719 
108.338884271719 108.338884271719 108.338884271719 108.338884271719 
108.338884271719 108.338884271719 108.338884271719 108.338884271719 
108.338884271719 108.338884271719 108.338884271719 108.338884271719 
108.338884271719 108.338884271719 108.338884271719 108.338884271719 
108.338884271719 108.338884271719 108.338884271719 108.338884271719 
108.338884271719 108.338884271719 108.338884271719 108.338884271719 
108.338884271719 108.338884271719 108.338884271719 108.338884271719 
108.338884271719 108.338884271719 108.338884271719 108.338884271719 
108.338884271719 108.338884271719 108.338884271719 108.338884271719 
108.338884271719 108.338884271719 108.338884271719 108.338884271719 
108.338884271719 108.338884271719 108.338884271719 108.338884271719 
108.338884271719 108.338884271719 108.338884271719 108.338884271719 
108.338884271719 108.338884271719 108.338884271719 108.338884271719 
108.338884271719 108.338884271719 108.338884271719 108.338884271719 
108.338884271719 108.338884271719 108.338884271719 108.338884271719 
108.338884271719 108.338884271719 108.338884271719 108.338884271719 
108.338884271719 108.338884271719 108.338884271719 108.338884271719 
108.338884271719 108.338884271719 108.338884271719 108.338884271719 
108.338884271719 108.338884271719 108.338884271719 108.338884271719 
108.338884271719 108.338884271719 108.338884271719 108.338884271719 
108.338884271719 108.338884271719 108.338884271719 108.338884271719 
108.338884271719 108.338884271719 108.338884271719 108.338884271719 
108.338884271719 108.338884271719 108.338884271719 108.338884271719 
108.338884271719 108.338884271719 108.338884271719 108.338884271719 
108.338884271719 108.338884271719 108.338884271719 108.338884271719 
108.338884271719 108.338884271719 108.338884271719 108.338884271719 
108.338884271719 108.338884271719 108.338884271719 108.338884271719 
108.338884271719 108.338884271719 108.338884271719 108.338884271719 
108.338884271719 108.338884271719 108.338884271719 108.338884271719 
108.338884271719 108.338884271719 108.338884271719 108.338884271719
##$RECO_byte_order=littleEndian
$$ @vis= RECO_transposition RECO_image_type RECO_wordtype RECO_map_mode
##$RECO_time=<2022-03-16T12:20:54,179-0500>
##$RECO_abs_time=(1647451254, 179, -300)
##$RECO_base_image_uid=( 65 )
<2.16.756.5.5.100.8323328.19576.1647451254.1>
##$RecoUserUpdate=Yes
##$RecoReverseSegment=0
##$RecoB0DemodOff=0
##$RecoB0DemodDelay=0
##$RecoFTOrder=( 2 )
0 1
##$RecoHalfFT=( 2 )
No No
$$ @vis= RECO_byte_order RecoUserUpdate RecoB0DemodOff RecoWindow RecoFTOrder
##$RecoHalfFTPos=( 2 )
32 32
##$RecoCorrPhase=RecoCorrPhaseOff
##$RecoCorrPhaseRef=-1
##$RECO_map_user_slope=1
##$RECO_map_user_offset=0
##$RecoNumInputChan=1
$$ @vis= RecoHalfFT RecoHalfFTPos RecoCorrPhase RecoCorrPhaseRef RecoMap
##$RecoScaleChan=( 1 )
1
##$RecoPhaseChan=( 1 )
0
##$RecoCombineMode=SumOfSquares
##$RecoSortDim=1
$$ @vis= RecoNumInputChan RecoScaleChan RecoPhaseChan RecoCombineMode
##$RecoSortSize=( 1 )
64
##$RecoSortRange=( 1 )
64
##$RecoSortSegment=( 1 )
0
##$RecoSortMaps=( 64 )
32 31 33 30 34 29 35 28 36 27 37 26 38 25 39 24 40 23 41 22 42 21 43 20 44 19 
45 18 46 17 47 16 48 15 49 14 50 13 51 12 52 11 53 10 54 9 55 8 56 7 57 6 58 
5 59 4 60 3 61 2 62 1 63 0
$$ @vis= RecoSortDim RecoSortSize RecoSortRange RecoSortSegment RecoSortMaps
##$RecoGrappaAccelFactor=1
##$RecoGrappaKernelRead=0
##$RecoGrappaKernelPhase=0
##$RecoGrappaNumRefRead=0
##$RecoGrappaNumRefPhase=0
##$RecoGrappaIncludeRefLines=Yes
##$RecoGrappaReadCenter=0
##$RecoGrappaPhaseCenter=0
##$RecoGrappaTruncThresh=-1
##$RecoRegridN=Off
$$ @vis= RecoSortGroup RecoGrappaAccelFactor RecoGrappaGroup RecoRegridN
##$RecoStageNrPasses=4
##$RecoStagePasses=( 4 )
(<FIRSTPASS>, 0) (<FTPASS1>, 1) (<PREPPASS>, 2) (<MAPPASS>, 3)
##$RecoStageNrNodes=23
##$RecoStageNodes=( 23 )
(<input>, 0, <RecoFileSource 
Q{numChan=1;byteOrder=\<BYTORDA\>;contData=false;initFromACQP=true;}>) 
(<input>, 0, <RecoQueueSink S{initQueue=true;initOnce=true;}>) (<compute>, 0, 
<RecoQueueSource Q0{initFromACQP=true;initOnce=true;}>) (<compute>, 0, 
<RecoBufferSink S0{procDim=1;frameDim=2;bufferId="FIRSTPASS0";memId="out0"}>) 
(<compute>, 0, <RecoCastFilter CAST0{dataRep=FLOAT; wordSize=8}>) (<compute>, 
0, <RecoFTShiftFilter FTS0{frameDim=2; winDirection=0; 
shift=\<RECO_rotate[0]\>; exponent=1}>) (<compute>, 0, <RecoFTFilter 
FT0{direction=0; exponent=1}>) (<compute>, 0, <RecoSortFilter 
REORD0{sortDim=\<RecoSortDim\>; sortSize=\<RecoSortSize\>; 
sortRange=\<RecoSortRange\>; sortSegment=\<RecoSortSegment\>; 
sortMaps=\<RecoSortMaps\>; frameDim = 2}>) (<compute>, 1, <RecoBufferSource 
Q0{procDim=1;frameDim=2;bufferId="FIRSTPASS0";memId="out0"}>) (<compute>, 1, 
<RecoBufferSink S0{procDim=1;frameDim=2;bufferId="FTPASS10";memId="in0"}>) 
(<compute>, 1, <RecoFTShiftFilter FTS0{frameDim=2; winDirection=1; 
shift=\<RECO_rotate[1]\>; exponent=1}>) (<compute>, 1, <RecoFTFilter 
FT0{direction=1;exponent=1;}>) (<compute>, 2, <RecoBufferSource 
Q0{procDim=2;frameDim=2;bufferId="FTPASS10";memId="in0"}>) (<compute>, 2, 
<RecoBufferSink S0{procDim=2;frameDim=2;bufferId="PREPPASS0";memId="out0"}>) 
(<compute>, 2, <RecoMagnitudeFilter G0>) (<compute>, 2, <RecoMinMaxFilter 
M0{map_min=\<RECO_map_min\>;map_max=\<RECO_map_max\>;}>) (<compute>, 3, 
<RecoBufferSource Q0{procDim=2;frameDim=2;bufferId="PREPPASS0";memId="out0"}>)
 (<compute>, 3, <RecoQueueSink S0>) (<compute>, 3, <RecoMapFilter 
MAP0{symmetricMode=true;minima=\<RECO_minima\>;maxima=\<RECO_maxima\>;slope=\<RECO_map_slope\>;offset=\<RECO_map_offset\>;map_min=\<RECO_map_min\>;map_max=\<RECO_map_max\>;rangeMin=-32766.500000;rangeMax=32766.500000;perObjectMode=false;cutoffMode=true;}>) (<compute>, 3, <RecoCastFilter CAST0{dataRep=SIGNED;wordSize=2}>) (<output>, 3, <RecoQueueSource Q{procDim=2;initFromRECO=true;initOnce=true;}>) (<output>, 3, <RecoImageDisplayFilter DISP{showAll=true;}>) (<output>, 3, <RecoFileSink S{writePars=true;shuffle=false;filename="2dseq";numChans=1;}>)
$$ @vis= RecoRegridNGroup RecoStageNrPasses RecoStagePasses RecoStageNrNodes
##$RecoStageNrEdges=17
##$RecoStageEdges=( 17 )
(<input>, 0, <Q-\>S>) (<compute>, 0, <Q0-\>CAST0>) (<compute>, 0, 
<CAST0-\>FTS0>) (<compute>, 0, <FTS0-\>FT0>) (<compute>, 0, <FT0-\>REORD0>) 
(<compute>, 0, <REORD0-\>S0>) (<compute>, 1, <Q0-\>FTS0>) (<compute>, 1, 
<FTS0-\>FT0>) (<compute>, 1, <FT0-\>S0>) (<compute>, 2, <Q0-\>G0>) (<compute>,
 2, <G0-\>M0>) (<compute>, 2, <M0-\>S0>) (<compute>, 3, <Q0-\>MAP0>) 
(<compute>, 3, <MAP0-\>CAST0>) (<compute>, 3, <CAST0-\>S0>) (<output>, 3, 
<Q-\>DISP>) (<output>, 3, <DISP-\>S>)
$$ @vis= RecoStageNodes RecoStageNrEdges RecoStageEdges RecoStageGroup
##$GS_reco_display=Yes
##$GO_reco_display=Yes
##$GO_reco_each_nr=No
##$GO_max_reco_mem=0
$$ @vis= RecoModeUser GS_reco_display RECO_GS GO_reco_display GO_reco_each_nr
##$RecoPrototype=No
$$ @vis= GO_max_reco_mem RECO_GO RecoPrototype RECO
##END=
$$ File finished by PARX at 2022-03-16 12:20:54.187 -0500
